GEM
  remote: https://rubygems.org/
  specs:
    activemodel (6.0.3.3)
      activesupport (= 6.0.3.3)
    activerecord (6.0.3.3)
      activemodel (= 6.0.3.3)
      activesupport (= 6.0.3.3)
    activesupport (6.0.3.3)
      concurrent-ruby (~> 1.0, >= 1.0.2)
      i18n (>= 0.7, < 2)
      minitest (~> 5.1)
      tzinfo (~> 1.1)
      zeitwerk (~> 2.2, >= 2.2.2)
    byebug (11.1.3)
    coderay (1.1.1)
    composite_primary_keys (12.0.2)
      activerecord (~> 6.0.0)
    concurrent-ruby (1.1.9)
    diff-lcs (1.5.0)
    domain_name (0.5.20190701)
      unf (>= 0.0.5, < 1.0.0)
    dotenv (2.7.6)
    ethon (0.15.0)
      ffi (>= 1.15.0)
    event_emitter (0.2.6)
    ffi (1.15.5)
    file-tail (1.2.0)
      tins (~> 1.0)
    hops-airborne (0.2.17)
      activesupport
      rack
      rack-test (~> 0.6, >= 0.6.2)
      rest-client (>= 1.7.3, < 3.0)
      rspec (~> 3.1)
    http-accept (1.7.0)
    http-cookie (1.0.4)
      domain_name (~> 0.5)
    i18n (1.8.11)
      concurrent-ruby (~> 1.0)
    jwt (2.2.1)
    mime-types (3.4.1)
      mime-types-data (~> 3.2015)
    mime-types-data (3.2022.0105)
    minitest (5.15.0)
    mysql2 (0.5.3)
    net-ssh (5.2.0)
    netrc (0.11.0)
    rack (2.2.6.3)
    rack-test (0.8.3)
      rack (>= 1.0, < 3)
    rest-client (2.1.0)
      http-accept (>= 1.7.0, < 2.0)
      http-cookie (>= 1.0.2, < 2.0)
      mime-types (>= 1.16, < 4.0)
      netrc (~> 0.8)
    rspec (3.4.0)
      rspec-core (~> 3.4.0)
      rspec-expectations (~> 3.4.0)
      rspec-mocks (~> 3.4.0)
    rspec-core (3.4.4)
      rspec-support (~> 3.4.0)
    rspec-expectations (3.4.0)
      diff-lcs (>= 1.2.0, < 2.0)
      rspec-support (~> 3.4.0)
    rspec-mocks (3.4.1)
      diff-lcs (>= 1.2.0, < 2.0)
      rspec-support (~> 3.4.0)
    rspec-support (3.4.1)
    rspec_junit_formatter (0.5.1)
      rspec-core (>= 2, < 4, != 2.12.0)
    safe_attributes (1.0.10)
      activerecord (>= 3.0.0)
    session (3.2.0)
    sync (0.5.0)
    thread_safe (0.3.6)
    tins (1.31.0)
      sync
    typhoeus (1.4.0)
      ethon (>= 0.9.0)
    tzinfo (1.2.9)
      thread_safe (~> 0.1)
    unf (0.1.4)
      unf_ext
    unf_ext (0.0.8)
    websocket (1.2.9)
    websocket-client-simple (0.3.1)
      event_emitter
      websocket
    zeitwerk (2.5.3)

PLATFORMS
  universal-darwin-21
  x86_64-linux

DEPENDENCIES
  activerecord (= 6.0.3.3)
  byebug
  coderay (= 1.1.1)
  composite_primary_keys (= 12.0.2)
  concurrent-ruby
  dotenv
  file-tail
  hops-airborne (= 0.2.17)
  jwt (= 2.2.1)
  minitest (= 5.15)
  mysql2 (= 0.5.3)
  net-ssh (~> 5.2.0)
  rspec (= 3.4.0)
  rspec_junit_formatter
  safe_attributes
  session (= 3.2.0)
  typhoeus
  websocket-client-simple (= 0.3.1)

BUNDLED WITH
   2.3.4
